GIT
  remote: git://github.com/alexreisner/geocoder.git
  revision: f5cbf2759fdd5909ec6f126f96be713a17c676e6
  specs:
    geocoder (1.1.1)

GIT
  remote: git://github.com/dougal/daemon_generator.git
  revision: 675c2c46c0910a1d323258756a834212256dc934
  specs:
    daemon_generator (0.0.0)

GIT
  remote: git://github.com/fefa4ka/simple-private-messages.git
  revision: 57a1f505866bdc26433032194c80cf472c36ffab
  specs:
    simple-private-messages (0.0.0)

GIT
  remote: git://github.com/gregbell/active_admin.git
  revision: 081f95b1da91c282769fe17d9a7685fa07394de2
  specs:
    activeadmin (0.4.3)
      bourbon (>= 1.0.0)
      devise (>= 1.1.2)
      fastercsv
      formtastic (~> 2.1.1)
      inherited_resources (<= 1.3.0)
      jquery-rails (>= 1.0.0)
      kaminari (>= 0.13.0)
      meta_search (>= 0.9.2)
      rails (>= 3.0.0)
      sass (>= 3.1.0)

GIT
  remote: git://github.com/sstephenson/execjs.git
  revision: 6eb82936e208a1eac33a9751e956dec9c93a27d7
  specs:
    execjs (1.3.0)
      multi_json (~> 1.0)

GEM
  remote: http://rubygems.org/
  specs:
    actionmailer (3.2.0)
      actionpack (= 3.2.0)
      mail (~> 2.4.0)
    actionpack (3.2.0)
      activemodel (= 3.2.0)
      activesupport (= 3.2.0)
      builder (~> 3.0.0)
      erubis (~> 2.7.0)
      journey (~> 1.0.0)
      rack (~> 1.4.0)
      rack-cache (~> 1.1)
      rack-test (~> 0.6.1)
      sprockets (~> 2.1.2)
    activemodel (3.2.0)
      activesupport (= 3.2.0)
      builder (~> 3.0.0)
    activerecord (3.2.0)
      activemodel (= 3.2.0)
      activesupport (= 3.2.0)
      arel (~> 3.0.0)
      tzinfo (~> 0.3.29)
    activeresource (3.2.0)
      activemodel (= 3.2.0)
      activesupport (= 3.2.0)
    activesupport (3.2.0)
      i18n (~> 0.6)
      multi_json (~> 1.0)
    addressable (2.2.7)
    arel (3.0.2)
    bcrypt-ruby (3.0.1)
    bourbon (1.4.0)
      sass (>= 3.1)
    builder (3.0.0)
    capistrano (2.12.0)
      highline
      net-scp (>= 1.0.0)
      net-sftp (>= 2.0.0)
      net-ssh (>= 2.0.14)
      net-ssh-gateway (>= 1.1.0)
    capistrano-deploy (0.3.2)
      capistrano (~> 2.9)
    chronic (0.6.7)
    cocaine (0.2.1)
    coffee-rails (3.2.2)
      coffee-script (>= 2.2.0)
      railties (~> 3.2.0)
    coffee-script (2.2.0)
      coffee-script-source
      execjs
    coffee-script-source (1.3.1)
    delayed_job (3.0.2)
      activesupport (~> 3.0)
    devise (1.5.1)
      bcrypt-ruby (~> 3.0)
      orm_adapter (~> 0.0.3)
      warden (~> 1.1)
    erubis (2.7.0)
    fancybox-rails (0.1.4)
      railties (>= 3.1.0)
    faraday (0.7.6)
      addressable (~> 2.2)
      multipart-post (~> 1.1)
      rack (~> 1.1)
    fastercsv (1.5.4)
    foreman (0.42.0)
      thor (>= 0.13.6)
    formtastic (2.1.1)
      actionpack (~> 3.0)
    geoip-rails (0.1.2)
    has_scope (0.5.1)
    hashie (1.2.0)
    highline (1.6.11)
    hike (1.2.1)
    httparty (0.8.2)
      multi_json
      multi_xml
    httpauth (0.1)
    httpclient (2.2.4)
    i18n (0.6.0)
    impressionist (1.1.1)
      httpclient (~> 2.2)
      nokogiri (~> 1.5)
    inherited_resources (1.3.0)
      has_scope (~> 0.5.0)
      responders (~> 0.6.0)
    journey (1.0.3)
    jquery-rails (2.0.2)
      railties (>= 3.2.0, < 5.0)
      thor (~> 0.14)
    json (1.6.6)
    kaminari (0.13.0)
      actionpack (>= 3.0.0)
      activesupport (>= 3.0.0)
      railties (>= 3.0.0)
    kgio (2.7.4)
    libv8 (3.3.10.4)
    mail (2.4.4)
      i18n (>= 0.4.0)
      mime-types (~> 1.16)
      treetop (~> 1.4.8)
    meta_search (1.1.3)
      actionpack (~> 3.1)
      activerecord (~> 3.1)
      activesupport (~> 3.1)
      polyamorous (~> 0.5.0)
    mime-types (1.18)
    multi_json (1.3.2)
    multi_xml (0.4.4)
    multipart-post (1.1.5)
    mysql2 (0.3.11)
    net-scp (1.0.4)
      net-ssh (>= 1.99.1)
    net-sftp (2.0.5)
      net-ssh (>= 2.0.9)
    net-ssh (2.3.0)
    net-ssh-gateway (1.1.0)
      net-ssh (>= 1.99.1)
    newrelic_rpm (3.3.3)
    nokogiri (1.5.2)
    oauth (0.4.5)
    oauth2 (0.6.1)
      faraday (~> 0.7)
      httpauth (~> 0.1)
      multi_json (~> 1.3)
    omniauth (1.1.0)
      hashie (~> 1.2)
      rack
    omniauth-facebook (1.2.0)
      omniauth-oauth2 (~> 1.0.0)
    omniauth-mailru (1.0.0)
      omniauth (~> 1.0)
      omniauth-oauth2 (~> 1.0)
    omniauth-oauth (1.0.1)
      oauth
      omniauth (~> 1.0)
    omniauth-oauth2 (1.0.1)
      oauth2 (~> 0.6.0)
      omniauth (~> 1.0)
    omniauth-odnoklassniki (0.0.1)
      omniauth (~> 1.0)
      omniauth-oauth2 (~> 1.0)
    omniauth-openid (1.0.1)
      omniauth (~> 1.0)
      rack-openid (~> 1.3.1)
    omniauth-twitter (0.0.9)
      omniauth-oauth (~> 1.0)
    omniauth-vkontakte (1.0.6)
      multi_json
      omniauth (~> 1.0)
      omniauth-oauth2 (~> 1.0)
    omniauth-yandex (0.0.1)
      omniauth (~> 1.0)
      omniauth-oauth2 (~> 1.0)
      xml-simple
    orm_adapter (0.0.7)
    paperclip (3.0.2)
      activemodel (>= 3.0.0)
      activerecord (>= 3.0.0)
      activesupport (>= 3.0.0)
      cocaine (>= 0.0.2)
      mime-types
    polyamorous (0.5.0)
      activerecord (~> 3.0)
    polyglot (0.3.3)
    proxies (0.2.1)
    rack (1.4.1)
    rack-cache (1.2)
      rack (>= 0.4)
    rack-openid (1.3.1)
      rack (>= 1.1.0)
      ruby-openid (>= 2.1.8)
    rack-ssl (1.3.2)
      rack
    rack-test (0.6.1)
      rack (>= 1.0)
    rails (3.2.0)
      actionmailer (= 3.2.0)
      actionpack (= 3.2.0)
      activerecord (= 3.2.0)
      activeresource (= 3.2.0)
      activesupport (= 3.2.0)
      bundler (~> 1.0)
      railties (= 3.2.0)
    railties (3.2.0)
      actionpack (= 3.2.0)
      activesupport (= 3.2.0)
      rack-ssl (~> 1.3.2)
      rake (>= 0.8.7)
      rdoc (~> 3.4)
      thor (~> 0.14.6)
    raindrops (0.8.0)
    rake (0.9.2.2)
    rdoc (3.12)
      json (~> 1.4)
    redis (2.2.2)
    remotipart (1.0.2)
    responders (0.6.5)
    riddle (1.5.1)
    ruby-openid (2.1.8)
    russian (0.6.0)
      i18n (>= 0.5.0)
    s3 (0.3.11)
      proxies (~> 0.2.0)
    sass (3.1.15)
    sass-rails (3.2.5)
      railties (~> 3.2.0)
      sass (>= 3.1.10)
      tilt (~> 1.3)
    sprockets (2.1.2)
      hike (~> 1.2)
      rack (~> 1.0)
      tilt (~> 1.1, != 1.3.0)
    therubyracer (0.10.1)
      libv8 (~> 3.3.10)
    thinking-sphinx (2.0.11)
      activerecord (>= 3.0.3)
      builder (>= 2.1.2)
      riddle (>= 1.5.0)
    thor (0.14.6)
    tilt (1.3.3)
    treetop (1.4.10)
      polyglot
      polyglot (>= 0.3.1)
    ts-delayed-delta (1.1.3)
      delayed_job (>= 2.0.4)
      thinking-sphinx (>= 1.3.6)
    tzinfo (0.3.33)
    uglifier (1.2.4)
      execjs (>= 0.3.0)
      multi_json (>= 1.0.2)
    unicorn (4.3.0)
      kgio (~> 2.6)
      rack
      raindrops (~> 0.7)
    warden (1.1.1)
      rack (>= 1.0)
    whenever (0.7.3)
      activesupport (>= 2.3.4)
      chronic (~> 0.6.3)
    xml-simple (1.1.1)
    yaml_db (0.2.2)
    yandex_inflect (0.1.2)
      httparty

PLATFORMS
  ruby

DEPENDENCIES
  activeadmin!
  capistrano
  capistrano-deploy
  coffee-rails (~> 3.2.1)
  daemon_generator (= 0.0.0)!
  devise (= 1.5.1)
  execjs!
  fancybox-rails
  foreman
  geocoder!
  geoip-rails
  hashie
  impressionist
  jquery-rails
  meta_search
  mysql2
  newrelic_rpm
  omniauth-facebook
  omniauth-mailru
  omniauth-odnoklassniki
  omniauth-openid
  omniauth-twitter
  omniauth-vkontakte
  omniauth-yandex
  paperclip
  rails (= 3.2.0)
  redis
  remotipart
  russian
  s3
  sass-rails (~> 3.2.3)
  simple-private-messages (= 0.0.0)!
  therubyracer
  thinking-sphinx
  ts-delayed-delta
  uglifier (>= 1.0.3)
  unicorn
  whenever
  yaml_db
  yandex_inflect
